PATH
  remote: .
  specs:
    our-eel-hacks (0.1.1)
      heroku-api (~> 0.2.1)

GEM
  remote: http://rubygems.org/
  specs:
    archive-tar-minitar (0.5.2)
    celluloid (0.10.0)
    chunky_png (1.2.5)
    columnize (0.3.6)
    compass (0.12.1)
      chunky_png (~> 1.2)
      fssm (>= 0.2.7)
      sass (~> 3.1)
    corundum (0.0.18)
      bundler (~> 1.1.0)
      compass (>= 0.12.1)
      mailfactory (~> 1.4.0)
      mattock (>= 0.2.11)
      nokogiri
      rake-rubygems (>= 0.2.0)
      rdoc
      rspec (>= 2.0)
      sass (>= 3.1)
      simplecov (>= 0.5.4)
      yard
    diff-lcs (1.1.3)
    excon (0.13.4)
    fakeweb (1.3.0)
    fssm (0.2.9)
    heroku-api (0.2.1)
      excon (~> 0.13.3)
    json (1.7.3)
    linecache19 (0.5.12)
      ruby_core_source (>= 0.1.4)
    mailfactory (1.4.0)
      mime-types (>= 1.13.1)
    mattock (0.2.12)
      tilt (> 0)
      valise (>= 0.6)
    mime-types (1.18)
    multi_json (1.3.5)
    nokogiri (1.5.2)
    rake (0.9.2.2)
    rake-rubygems (0.2.0)
      rake (>= 0.8.7)
    rdoc (3.12)
      json (~> 1.4)
    rspec (2.9.0)
      rspec-core (~> 2.9.0)
      rspec-expectations (~> 2.9.0)
      rspec-mocks (~> 2.9.0)
    rspec-core (2.9.0)
    rspec-expectations (2.9.1)
      diff-lcs (~> 1.1.3)
    rspec-mocks (2.9.0)
    ruby-debug-base19 (0.11.25)
      columnize (>= 0.3.1)
      linecache19 (>= 0.5.11)
      ruby_core_source (>= 0.1.4)
    ruby-debug19 (0.11.6)
      columnize (>= 0.3.1)
      linecache19 (>= 0.5.11)
      ruby-debug-base19 (>= 0.11.19)
    ruby_core_source (0.1.5)
      archive-tar-minitar (>= 0.5.2)
    sass (3.1.19)
    simplecov (0.6.4)
      multi_json (~> 1.0)
      simplecov-html (~> 0.5.3)
    simplecov-html (0.5.3)
    tilt (1.3.3)
    valise (0.6)
    vcr (2.1.1)
    yard (0.8.1)

PLATFORMS
  ruby

DEPENDENCIES
  celluloid
  corundum (~> 0.0.1)
  fakeweb
  our-eel-hacks!
  rake
  rspec (~> 2.9.0)
  ruby-debug19
  vcr
